PATH
  remote: .
  specs:
    wdbomber (0.1.4)
      async-webdriver (>= 0.1.1)

GEM
  remote: https://rubygems.org/
  specs:
    async (2.6.2)
      console (~> 1.10)
      fiber-annotation
      io-event (~> 1.1)
      timers (~> 4.1)
    async-http (0.60.2)
      async (>= 1.25)
      async-io (>= 1.28)
      async-pool (>= 0.2)
      protocol-http (~> 0.24.0)
      protocol-http1 (~> 0.15.0)
      protocol-http2 (~> 0.15.0)
      traces (>= 0.10.0)
    async-io (1.35.0)
      async
    async-pool (0.4.0)
      async (>= 1.25)
    async-webdriver (0.1.2)
      async-http
      selenium-webdriver
    console (1.17.4)
      fiber-annotation
      fiber-local
    diff-lcs (1.3)
    fiber-annotation (0.2.0)
    fiber-local (1.0.0)
    io-event (1.2.2)
    kommando (0.1.2)
    protocol-hpack (1.4.2)
    protocol-http (0.24.4)
    protocol-http1 (0.15.0)
      protocol-http (~> 0.22)
    protocol-http2 (0.15.1)
      protocol-hpack (~> 1.4)
      protocol-http (~> 0.18)
    rake (10.5.0)
    rexml (3.2.5)
    rspec (3.8.0)
      rspec-core (~> 3.8.0)
      rspec-expectations (~> 3.8.0)
      rspec-mocks (~> 3.8.0)
    rspec-core (3.8.0)
      rspec-support (~> 3.8.0)
    rspec-expectations (3.8.2)
      diff-lcs (>= 1.2.0, < 2.0)
      rspec-support (~> 3.8.0)
    rspec-mocks (3.8.0)
      diff-lcs (>= 1.2.0, < 2.0)
      rspec-support (~> 3.8.0)
    rspec-support (3.8.0)
    rubyzip (2.3.2)
    selenium-webdriver (4.10.0)
      rexml (~> 3.2, >= 3.2.5)
      rubyzip (>= 1.2.2, < 3.0)
      websocket (~> 1.0)
    timers (4.3.5)
    traces (0.11.1)
    websocket (1.2.9)

PLATFORMS
  ruby

DEPENDENCIES
  bundler (~> 1.16)
  kommando
  rake (~> 10.0)
  rspec (~> 3.0)
  wdbomber!

BUNDLED WITH
   1.17.2
