PATH
  remote: .
  specs:
    wdbomber (0.1.4)
      async-webdriver (>= 0.1.1)

GEM
  remote: https://rubygems.org/
  specs:
    async (1.13.1)
      nio4r (~> 2.3)
      timers (~> 4.1)
    async-http (0.37.7)
      async (~> 1.6)
      async-io (~> 1.16)
      http-protocol (~> 0.10)
    async-io (1.17.2)
      async (~> 1.3)
    async-webdriver (0.1.1)
      async-http
      selenium-webdriver
    childprocess (0.9.0)
      ffi (~> 1.0, >= 1.0.11)
    diff-lcs (1.3)
    ffi (1.10.0)
    http-hpack (0.1.1)
    http-protocol (0.10.1)
      http-hpack (~> 0.1.0)
    kommando (0.1.2)
    nio4r (2.3.1)
    rake (13.0.6)
    rspec (3.8.0)
      rspec-core (~> 3.8.0)
      rspec-expectations (~> 3.8.0)
      rspec-mocks (~> 3.8.0)
    rspec-core (3.8.0)
      rspec-support (~> 3.8.0)
    rspec-expectations (3.8.2)
      diff-lcs (>= 1.2.0, < 2.0)
      rspec-support (~> 3.8.0)
    rspec-mocks (3.8.0)
      diff-lcs (>= 1.2.0, < 2.0)
      rspec-support (~> 3.8.0)
    rspec-support (3.8.0)
    rubyzip (1.2.2)
    selenium-webdriver (3.141.0)
      childprocess (~> 0.5)
      rubyzip (~> 1.2, >= 1.2.2)
    timers (4.2.0)

PLATFORMS
  ruby

DEPENDENCIES
  bundler (~> 1.16)
  kommando
  rake (~> 13.0)
  rspec (~> 3.0)
  wdbomber!

BUNDLED WITH
   1.17.2
